ObjectType = Image
NDims = 3
BinaryData = True
BinaryDataByteOrderMSB = False
CompressedData = True
CompressedDataSize = 9216976
TransformMatrix = 1 0 0 0 1 0 0 0 1
Offset = -53.4513 -77.0486 -37.7439
CenterOfRotation = 0 0 0
AnatomicalOrientation = RPI
ElementSpacing = 0.488281 0.488281 1
DimSize = 271 333 86
ElementType = MET_SHORT
ElementDataFile = mr_bffe.zraw
