ObjectType = Image
NDims = 3
BinaryData = True
BinaryDataByteOrderMSB = False
CompressedData = True
CompressedDataSize = 29208
TransformMatrix = 1 0 0 0 1 0 0 0 1
Offset = -77.9973 -81.1516 -14.4584
CenterOfRotation = 0 0 0
AnatomicalOrientation = RPI
ElementSpacing = 0.488281 0.488281 1
DimSize = 271 333 86
ElementType = MET_UCHAR
ElementDataFile = prostaat.zraw
