ObjectType = Image
NDims = 3
BinaryData = True
BinaryDataByteOrderMSB = False
CompressedData = True
CompressedDataSize = 19788
TransformMatrix = 1 0 0 0 1 0 0 0 1
Offset = -47.9973 -67.4736 -41.7809
CenterOfRotation = 0 0 0
AnatomicalOrientation = RPI
ElementSpacing = 0.488281 0.488281 1
DimSize = 271 333 86
ElementType = MET_UCHAR
ElementDataFile = prostaat.zraw
