ObjectType = Image
NDims = 3
BinaryData = True
BinaryDataByteOrderMSB = False
CompressedData = True
CompressedDataSize = 16037
TransformMatrix = 1 0 0 0 1 0 0 0 1
Offset = -66.5383 -62.3476 -26.2872
CenterOfRotation = 0 0 0
AnatomicalOrientation = RPI
ElementSpacing = 0.488281 0.488281 0.999999
DimSize = 271 333 86
ElementType = MET_UCHAR
ElementDataFile = prostaat.zraw
