ObjectType = Image
NDims = 3
BinaryData = True
BinaryDataByteOrderMSB = False
CompressedData = True
CompressedDataSize = 9301854
TransformMatrix = 1 0 0 0 1 0 0 0 1
Offset = -66.4063 -70.9816 4.47462
CenterOfRotation = 0 0 0
AnatomicalOrientation = RPI
ElementSpacing = 0.488281 0.488281 1
DimSize = 271 333 86
ElementType = MET_SHORT
ElementDataFile = mr_bffe.zraw
